PATH
  remote: .
  specs:
    leboncoin (0.1.3)
      faraday (~> 0.8.8)
      nokogiri (~> 1.6.1)

GEM
  remote: https://rubygems.org/
  specs:
    faraday (0.8.11)
      multipart-post (~> 1.2.0)
    mini_portile2 (2.0.0)
    multipart-post (1.2.0)
    nokogiri (1.6.7.2)
      mini_portile2 (~> 2.0.0.rc2)
    vcr (2.8.0)

PLATFORMS
  ruby

DEPENDENCIES
  bundler (~> 1.5)
  leboncoin!
  vcr (~> 2.8.0)

BUNDLED WITH
   1.11.2
